GEM
  remote: https://rubygems.org/
  specs:
    about (0.1.0)
      logutils (>= 0.5)
      textutils (>= 0.7)
    activemodel (4.2.0)
      activesupport (= 4.2.0)
      builder (~> 3.1)
    activerecord (4.2.0)
      activemodel (= 4.2.0)
      activesupport (= 4.2.0)
      arel (~> 6.0)
    activerecord-utils (0.3.0)
      logutils
    activesupport (4.2.0)
      i18n (~> 0.7)
      json (~> 1.7, >= 1.7.7)
      minitest (~> 5.1)
      thread_safe (~> 0.3, >= 0.3.4)
      tzinfo (~> 1.1)
    activityutils (0.1.0)
      logutils (>= 0.5)
    arel (6.0.0)
    builder (3.2.2)
    daemons (1.1.9)
    dbbrowser (0.1.3)
      logutils (>= 0.5)
    eventmachine (1.0.4)
    feedutils (0.5.0)
      logutils (>= 0.6.1)
    fetcher (0.4.4)
      logutils (>= 0.6)
    i18n (0.7.0)
    json (1.8.1)
    logutils (0.6.1)
    logutils-activerecord (0.2.0)
      activerecord
      logutils (>= 0.6.1)
    minitest (5.5.0)
    pg (0.17.1)
    pluto-admin (0.4.0)
      logutils (>= 0.6.1)
      pluto-models (>= 1.2.3)
    pluto-models (1.3.2)
      activerecord
      activerecord-utils (>= 0.2.0)
      activityutils (>= 0.1.0)
      feedutils (>= 0.4.0)
      logutils (>= 0.6.1)
      logutils-activerecord (>= 0.2.0)
      props (>= 1.1.2)
      props-activerecord (>= 0.1.0)
      textutils (>= 0.10.0)
    pluto-tasks (1.2.0)
      pluto-models (>= 1.3.1)
      pluto-update
    pluto-update (1.3.0)
      fetcher (>= 0.4.4)
      pluto-models (>= 1.2.2)
    props (1.1.2)
    props-activerecord (0.1.0)
      activerecord
      props (>= 1.1.2)
    rack (1.6.0)
    rack-protection (1.5.3)
      rack
    rubyzip (1.1.6)
    sinatra (1.4.5)
      rack (~> 1.4)
      rack-protection (~> 1.4)
      tilt (~> 1.3, >= 1.3.4)
    sqlite3 (1.3.10)
    textutils (0.10.0)
      activesupport
      logutils (>= 0.6.1)
      props (>= 1.1.2)
      rubyzip
    thin (1.6.3)
      daemons (~> 1.0, >= 1.0.9)
      eventmachine (~> 1.0)
      rack (~> 1.0)
    thread_safe (0.3.4)
    tilt (1.4.1)
    tzinfo (1.2.2)
      thread_safe (~> 0.1)

PLATFORMS
  ruby

DEPENDENCIES
  about
  dbbrowser
  pg
  pluto-admin
  pluto-models
  pluto-tasks
  pluto-update
  sinatra
  sqlite3
  thin
