GEM
  remote: https://rubygems.org/
  specs:
    activemodel (3.2.14)
      activesupport (= 3.2.14)
      builder (~> 3.0.0)
    activerecord (3.2.14)
      activemodel (= 3.2.14)
      activesupport (= 3.2.14)
      arel (~> 3.0.2)
      tzinfo (~> 0.3.29)
    activesupport (3.2.14)
      i18n (~> 0.6, >= 0.6.4)
      multi_json (~> 1.0)
    arel (3.0.2)
    builder (3.0.4)
    daemons (1.1.9)
    eventmachine (1.0.3)
    eventmachine (1.0.3-x86-mingw32)
    feedutils (0.3.2)
      logutils (>= 0.5)
    fetcher (0.4.1)
      logutils (>= 0.6)
    gli (2.8.0)
    i18n (0.6.5)
    logutils (0.6.0)
    multi_json (1.8.1)
    pakman (0.5.0)
      fetcher (>= 0.3.0)
      logutils (>= 0.6.0)
    pg (0.17.0)
    pg (0.17.0-x86-mingw32)
    pluto (0.8.10)
      feedutils (>= 0.3.2)
      fetcher (>= 0.4.1)
      gli (>= 2.5.6)
      logutils (>= 0.6)
      pakman (>= 0.5)
      props (>= 1.0.2)
      textutils (>= 0.6.8)
    pluto-admin (0.2.1)
      logutils (>= 0.5)
    props (1.0.2)
    rack (1.5.2)
    rack-protection (1.5.0)
      rack
    sinatra (1.4.3)
      rack (~> 1.4)
      rack-protection (~> 1.4)
      tilt (~> 1.3, >= 1.3.4)
    sqlite3 (1.3.8)
    sqlite3 (1.3.8-x86-mingw32)
    textutils (0.6.8)
      logutils (~> 0.5)
    thin (1.6.0)
      daemons (>= 1.0.9)
      eventmachine (>= 1.0.0)
      rack (>= 1.5.0)
    tilt (1.4.1)
    tzinfo (0.3.37)

PLATFORMS
  ruby
  x86-mingw32

DEPENDENCIES
  activerecord (~> 3.2.14)
  pg
  pluto
  pluto-admin
  sinatra
  sqlite3
  thin
