GEM
  remote: https://rubygems.org/
  specs:
    activemodel (4.0.0)
      activesupport (= 4.0.0)
      builder (~> 3.1.0)
    activerecord (4.0.0)
      activemodel (= 4.0.0)
      activerecord-deprecated_finders (~> 1.0.2)
      activesupport (= 4.0.0)
      arel (~> 4.0.0)
    activerecord-deprecated_finders (1.0.3)
    activesupport (4.0.0)
      i18n (~> 0.6, >= 0.6.4)
      minitest (~> 4.2)
      multi_json (~> 1.3)
      thread_safe (~> 0.1)
      tzinfo (~> 0.3.37)
    arel (4.0.0)
    atomic (1.1.14)
    builder (3.1.4)
    daemons (1.1.9)
    eventmachine (1.0.3)
    feedutils (0.3.0)
      logutils (>= 0.5)
    fetcher (0.4.0)
      logutils (>= 0.6)
    gli (2.8.0)
    i18n (0.6.5)
    logutils (0.6.0)
    minitest (4.7.5)
    multi_json (1.8.0)
    pakman (0.5.0)
      fetcher (>= 0.3.0)
      logutils (>= 0.6.0)
    pg (0.17.0)
    pluto (0.8.0)
      feedutils (>= 0.3)
      fetcher (>= 0.3)
      gli (>= 2.5.6)
      logutils (>= 0.6)
      pakman (>= 0.5)
      props (>= 1.0.0)
      textutils (>= 0.6.8)
    pluto-admin (0.2.0)
      logutils (>= 0.5)
    props (1.0.0)
    rack (1.5.2)
    rack-protection (1.5.0)
      rack
    sinatra (1.4.3)
      rack (~> 1.4)
      rack-protection (~> 1.4)
      tilt (~> 1.3, >= 1.3.4)
    sqlite3 (1.3.8)
    textutils (0.6.8)
      logutils (~> 0.5)
    thin (1.5.1)
      daemons (>= 1.0.9)
      eventmachine (>= 0.12.6)
      rack (>= 1.0.0)
    thread_safe (0.1.3)
      atomic
    tilt (1.4.1)
    tzinfo (0.3.37)

PLATFORMS
  ruby

DEPENDENCIES
  activerecord
  pg
  pluto
  pluto-admin
  sinatra
  sqlite3
  thin
